{
    "TaskName": "localizer",
    "Manufacturer": "Elekta",
    "PowerLineFrequency": 50,
    "SamplingFrequency": 2000.0,
    "SoftwareFilters": "n/a",
    "RecordingDuration": 275.2495,
    "RecordingType": "continuous",
    "DewarPosition": "n/a",
    "DigitizedLandmarks": false,
    "DigitizedHeadPoints": false,
    "MEGChannelCount": 306,
    "MEGREFChannelCount": 0,
    "EEGChannelCount": 0,
    "EOGChannelCount": 2,
    "ECGChannelCount": 1,
    "EMGChannelCount": 0,
    "MiscChannelCount": 2,
    "TriggerChannelCount": 9
}
